GEM
  remote: https://rubygems.org/
  specs:
    dotenv (2.7.6)
    faraday (1.1.0)
      multipart-post (>= 1.2, < 3)
      ruby2_keywords
    httparty (0.13.7)
      json (~> 1.8)
      multi_xml (>= 0.5.2)
    json (1.8.6)
    jwt (2.2.2)
    mini_portile2 (2.4.0)
    multi_xml (0.6.0)
    multipart-post (2.1.1)
    nokogiri (1.10.10)
      mini_portile2 (~> 2.4.0)
    ruby2_keywords (0.0.2)
    twilio-ruby (5.41.0)
      faraday (>= 0.9, < 2.0)
      jwt (>= 1.5, <= 2.5)
      nokogiri (>= 1.6, < 2.0)

PLATFORMS
  ruby

DEPENDENCIES
  dotenv
  httparty (~> 0.13.7)
  nokogiri (~> 1.10, >= 1.10.10)
  twilio-ruby (~> 5.41)

BUNDLED WITH
   2.1.4
